GEM
  remote: https://rubygems.org/
  specs:
    activemodel (6.0.5.1)
      activesupport (= 6.0.5.1)
    activerecord (6.0.5.1)
      activemodel (= 6.0.5.1)
      activesupport (= 6.0.5.1)
    activesupport (6.0.5.1)
      concurrent-ruby (~> 1.0, >= 1.0.2)
      i18n (>= 0.7, < 2)
      minitest (~> 5.1)
      tzinfo (~> 1.1)
      zeitwerk (~> 2.2, >= 2.2.2)
    ast (2.4.0)
    bcrypt (3.1.13)
    bond (0.5.1)
    byebug (11.0.1)
    coderay (1.1.2)
    concurrent-ruby (1.1.10)
    corneal (0.1.5)
      thor (~> 0.18)
    i18n (1.11.0)
      concurrent-ruby (~> 1.0)
    jaro_winkler (1.5.4)
    method_source (0.9.2)
    minitest (5.16.2)
    mustermann (1.0.3)
    parallel (1.19.1)
    parser (2.6.5.0)
      ast (~> 2.4.0)
    pry (0.12.2)
      coderay (~> 1.1.0)
      method_source (~> 0.9.0)
    rack (2.0.7)
    rack-protection (2.0.7)
      rack
    rack-test (0.6.3)
      rack (>= 1.0)
    rainbow (3.0.0)
    rake (13.0.1)
    ripl (0.7.1)
      bond (~> 0.5.1)
    ripl-multi_line (0.3.1)
      ripl (>= 0.3.6)
    ripl-rack (0.2.1)
      rack (>= 1.0)
      rack-test (~> 0.6.2)
      ripl (>= 0.7.0)
    rubocop (0.77.0)
      jaro_winkler (~> 1.5.1)
      parallel (~> 1.10)
      parser (>= 2.6)
      rainbow (>= 2.2.2, < 4.0)
      ruby-progressbar (~> 1.7)
      unicode-display_width (>= 1.4.0, < 1.7)
    ruby-progressbar (1.10.1)
    shotgun (0.9.2)
      rack (>= 1.0)
    sinatra (2.0.7)
      mustermann (~> 1.0)
      rack (~> 2.0)
      rack-protection (= 2.0.7)
      tilt (~> 2.0)
    sinatra-activerecord (2.0.14)
      activerecord (>= 3.2)
      sinatra (>= 1.0)
    sqlite3 (1.4.1)
    thor (0.20.3)
    thread_safe (0.3.6)
    tilt (2.0.10)
    tux (0.3.0)
      ripl (>= 0.3.5)
      ripl-multi_line (>= 0.2.4)
      ripl-rack (>= 0.2.0)
      sinatra (>= 1.2.1)
    tzinfo (1.2.9)
      thread_safe (~> 0.1)
    unicode-display_width (1.6.0)
    zeitwerk (2.6.0)

PLATFORMS
  ruby

DEPENDENCIES
  activerecord
  bcrypt
  byebug
  corneal
  pry
  rake
  rubocop
  shotgun
  sinatra-activerecord
  sqlite3
  tux

BUNDLED WITH
   2.0.1
